PATH
  remote: .
  specs:
    mongify (1.0.1)
      activerecord (~> 3.2)
      activesupport (~> 3.2)
      bson_ext (~> 1.8.2)
      highline (>= 1.6.1)
      mongo (~> 1.8.2)

GEM
  remote: http://rubygems.org/
  specs:
    activemodel (3.2.16)
      activesupport (= 3.2.16)
      builder (~> 3.0.0)
    activerecord (3.2.16)
      activemodel (= 3.2.16)
      activesupport (= 3.2.16)
      arel (~> 3.0.2)
      tzinfo (~> 0.3.29)
    activesupport (3.2.16)
      i18n (~> 0.6, >= 0.6.4)
      multi_json (~> 1.0)
    arel (3.0.3)
    bson (1.8.6)
    bson_ext (1.8.6)
      bson (~> 1.8.6)
    builder (3.0.4)
    cucumber (1.3.10)
      builder (>= 2.1.2)
      diff-lcs (>= 1.1.3)
      gherkin (~> 2.12)
      multi_json (>= 1.7.5, < 2.0)
      multi_test (>= 0.0.2)
    diff-lcs (1.2.5)
    gherkin (2.12.2)
      multi_json (~> 1.3)
    highline (1.6.20)
    i18n (0.6.9)
    metaclass (0.0.1)
    mocha (0.14.0)
      metaclass (~> 0.0.1)
    mongo (1.8.6)
      bson (~> 1.8.6)
    multi_json (1.8.2)
    multi_test (0.0.2)
    mysql2 (0.3.15)
    pg (0.17.0)
    rake (10.1.1)
    rspec (2.14.1)
      rspec-core (~> 2.14.0)
      rspec-expectations (~> 2.14.0)
      rspec-mocks (~> 2.14.0)
    rspec-core (2.14.7)
    rspec-expectations (2.14.4)
      diff-lcs (>= 1.1.3, < 2.0)
    rspec-mocks (2.14.4)
    sqlite3 (1.3.8)
    tzinfo (0.3.38)
    watchr (0.7)
    yard (0.8.7.3)

PLATFORMS
  ruby

DEPENDENCIES
  cucumber (>= 0.10)
  mocha (>= 0.9.8)
  mongify!
  mysql2 (~> 0.3.1)
  pg (>= 0.17)
  rake
  rspec (>= 2.0)
  sqlite3 (>= 1.3)
  watchr (>= 0.6)
  yard (>= 0.5.3)
